GEM
  remote: https://rubygems.org/
  specs:
    config (5.3.0)
      deep_merge (~> 1.2, >= 1.2.1)
    deep_merge (1.2.2)
    yaml (0.3.0)

PLATFORMS
  ruby
  x86_64-linux

DEPENDENCIES
  config
  yaml

BUNDLED WITH
   2.5.3
